GEM
  remote: http://rubygems.org/
  remote: http://gems.github.com/
  specs:
    activesupport (3.2.3)
      i18n (~> 0.6)
      multi_json (~> 1.0)
    addressable (2.2.7)
    data_mapper (1.0.0)
      dm-aggregates (= 1.0.0)
      dm-constraints (= 1.0.0)
      dm-core (= 1.0.0)
      dm-core (= 1.0.0)
      dm-migrations (= 1.0.0)
      dm-serializer (= 1.0.0)
      dm-timestamps (= 1.0.0)
      dm-transactions (= 1.0.0)
      dm-types (= 1.0.0)
      dm-validations (= 1.0.0)
    data_objects (0.10.8)
      addressable (~> 2.1)
    dm-aggregates (1.0.0)
      dm-core (~> 1.0.0)
    dm-constraints (1.0.0)
      dm-core (~> 1.0.0)
      dm-migrations (~> 1.0.0)
    dm-core (1.0.0)
      addressable (~> 2.1)
      extlib (~> 0.9.15)
    dm-do-adapter (1.0.0)
      data_objects (~> 0.10.1)
      dm-core (~> 1.0.0)
    dm-migrations (1.0.0)
      dm-core (~> 1.0.0)
    dm-serializer (1.0.0)
      dm-core (~> 1.0.0)
      fastercsv (~> 1.5.3)
      json_pure (~> 1.4.3)
    dm-sqlite-adapter (1.0.0)
      dm-do-adapter (~> 1.0.0)
      do_sqlite3 (~> 0.10.2)
    dm-timestamps (1.0.0)
      dm-core (~> 1.0.0)
    dm-transactions (1.0.0)
      dm-core (~> 1.0.0)
    dm-types (1.0.0)
      dm-core (~> 1.0.0)
      fastercsv (~> 1.5.3)
      json_pure (~> 1.4.3)
      stringex (~> 1.1.0)
      uuidtools (~> 2.1.1)
    dm-validations (1.0.0)
      dm-core (~> 1.0.0)
    do_sqlite3 (0.10.8)
      data_objects (= 0.10.8)
    extlib (0.9.15)
    faraday (0.7.6)
      addressable (~> 2.2)
      multipart-post (~> 1.1)
      rack (~> 1.1)
    fastercsv (1.5.4)
    git (1.2.5)
    i18n (0.6.0)
    json_pure (1.4.6)
    multi_json (1.3.2)
    multipart-post (1.1.5)
    rack (1.4.1)
    rake (0.9.2.2)
    simple_oauth (0.1.5)
    stringex (1.1.0)
    twitter (2.2.2)
      activesupport (>= 2.3.9, < 4)
      faraday (~> 0.7)
      multi_json (~> 1.3)
      simple_oauth (~> 0.1)
    uuidtools (2.1.2)

PLATFORMS
  ruby

DEPENDENCIES
  bundler (>= 1.0.0)
  data_mapper (= 1.0)
  dm-core (= 1.0.0)
  dm-sqlite-adapter
  git (>= 1.2.5)
  multi_json (> 1.3.1)
  rake
  twitter
